GEM
  remote: https://rubygems.org/
  specs:
    god (0.12.1)
    rake (10.0.4)

PLATFORMS
  ruby

DEPENDENCIES
  god (~> 0.12.0)
  rake (~> 10.0.4)
