GEM
  remote: https://rubygems.org/
  specs:
    dotenv (0.7.0)
    json (1.8.1)
    methadone (1.3.1)

PLATFORMS
  ruby

DEPENDENCIES
  dotenv (= 0.7.0)
  json (~> 1.8.1)
  methadone (= 1.3.1)
