GEM
  remote: https://rubygems.org/
  specs:
    dotenv (0.7.0)
    json (1.8.1)

PLATFORMS
  ruby

DEPENDENCIES
  json (~> 1.8.1)
